GEM
  remote: http://rubygems.org/
  specs:
    daemons (1.1.3)
    eventmachine (1.0.0.beta.2)
    rack (1.2.2)
    rack-rewrite (1.0.2)
    rdiscount (1.6.8)
    sinatra (1.2.3)
      rack (~> 1.1)
      tilt (>= 1.2.2, < 2.0)
    thin (1.2.11-x86-mingw32)
      daemons (>= 1.0.9)
      eventmachine (>= 0.12.6)
      rack (>= 1.0.0)
    tilt (1.2.2)
    yard (0.6.8)

PLATFORMS
  x86-mingw32

DEPENDENCIES
  rack-rewrite
  rdiscount
  sinatra
  thin
  yard
